GEM
  remote: https://rubygems.org/
  specs:
    mustermann (1.1.2)
      ruby2_keywords (~> 0.0.1)
    nio4r (2.7.4)
    puma (5.0.0)
      nio4r (~> 2.0)
    rack (2.2.10)
    rack-protection (2.2.0)
      rack
    ruby2_keywords (0.0.5)
    sinatra (2.2.0)
      mustermann (~> 1.0)
      rack (~> 2.2)
      rack-protection (= 2.2.0)
      tilt (~> 2.0)
    tilt (2.4.0)

PLATFORMS
  x86_64-linux

DEPENDENCIES
  puma (= 5.0)
  sinatra (= 2.2.0)

BUNDLED WITH
   2.5.22
